GIT
  remote: git@github.com:opscode/chef-pedant.git
  revision: dad401df0955eafa3c8d3052e05e713d7c45b3de
  tag: 1.0.36
  specs:
    chef-pedant (1.0.36)
      activesupport (~> 3.2.8)
      erubis (~> 2.7.0)
      mixlib-authentication (~> 1.3.0)
      mixlib-config (~> 2.0)
      mixlib-shellout (>= 1.1)
      net-http-spy (~> 0.2.1)
      rest-client (>= 1.6.7)
      rspec (~> 2.11)
      rspec-rerun (= 0.1.1)
      rspec_junit_formatter (~> 0.1.1)

GIT
  remote: git@github.com:opscode/oc-chef-pedant.git
  revision: 8c99006907fd6db878b65ef267d7484ae9970002
  tag: 1.0.66
  specs:
    oc-chef-pedant (1.0.66)
      chef-pedant (>= 1.0.0)

GIT
  remote: git@github.com:opscode/opscode-pushy-client.git
  revision: 6fd222bfc159bc1154f1658defe4f04eb6d95fb2
  tag: 1.0.0
  specs:
    opscode-pushy-client (0.0.1)
      chef (>= 0.10.12)
      uuidtools
      zmq

PATH
  remote: .
  specs:
    oc-pushy-pedant (0.0.8)

GEM
  remote: http://rubygems.org/
  specs:
    activesupport (3.2.20)
      i18n (~> 0.6, >= 0.6.4)
      multi_json (~> 1.0)
    builder (3.2.2)
    chef (11.12.8)
      chef-zero (>= 2.0.2, < 2.1)
      diff-lcs (~> 1.2, >= 1.2.4)
      erubis (~> 2.7)
      highline (~> 1.6, >= 1.6.9)
      json (>= 1.4.4, <= 1.8.1)
      mime-types (~> 1.16)
      mixlib-authentication (~> 1.3)
      mixlib-cli (~> 1.4)
      mixlib-config (~> 2.0)
      mixlib-log (~> 1.3)
      mixlib-shellout (~> 1.4)
      net-ssh (~> 2.6)
      net-ssh-multi (~> 1.1)
      ohai (~> 7.0.4)
      pry (~> 0.9)
      rest-client (>= 1.0.4, < 1.7.0)
      yajl-ruby (~> 1.1)
    chef-zero (2.0.2)
      hashie (~> 2.0)
      json
      mixlib-log (~> 1.3)
      rack
    coderay (1.1.0)
    diff-lcs (1.2.5)
    erubis (2.7.0)
    hashie (2.1.2)
    highline (1.6.21)
    i18n (0.6.11)
    ipaddress (0.8.0)
    json (1.8.1)
    method_source (0.8.2)
    mime-types (1.25.1)
    mixlib-authentication (1.3.0)
      mixlib-log
    mixlib-cli (1.5.0)
    mixlib-config (2.1.0)
    mixlib-log (1.6.0)
    mixlib-shellout (1.6.1)
    multi_json (1.10.1)
    net-http-spy (0.2.1)
    net-ssh (2.9.1)
    net-ssh-gateway (1.2.0)
      net-ssh (>= 2.6.5)
    net-ssh-multi (1.2.0)
      net-ssh (>= 2.6.5)
      net-ssh-gateway (>= 1.2.0)
    ohai (7.0.4)
      ipaddress
      mime-types (~> 1.16)
      mixlib-cli
      mixlib-config (~> 2.0)
      mixlib-log
      mixlib-shellout (~> 1.2)
      systemu (~> 2.5.2)
      yajl-ruby
    pry (0.10.1)
      coderay (~> 1.1.0)
      method_source (~> 0.8.1)
      slop (~> 3.4)
    rack (1.5.2)
    rdoc (4.1.2)
      json (~> 1.4)
    rest-client (1.6.8)
      mime-types (~> 1.16)
      rdoc (>= 2.4.2)
    rspec (2.99.0)
      rspec-core (~> 2.99.0)
      rspec-expectations (~> 2.99.0)
      rspec-mocks (~> 2.99.0)
    rspec-core (2.99.2)
    rspec-expectations (2.99.2)
      diff-lcs (>= 1.1.3, < 2.0)
    rspec-mocks (2.99.2)
    rspec-rerun (0.1.1)
      rspec (>= 2.11.0)
    rspec_junit_formatter (0.1.6)
      builder
      rspec (~> 2.0)
      rspec-core (!= 2.12.0)
    slop (3.6.0)
    systemu (2.5.2)
    uuidtools (2.1.5)
    yajl-ruby (1.2.1)
    zmq (2.1.4)

PLATFORMS
  ruby

DEPENDENCIES
  chef
  chef-pedant!
  oc-chef-pedant!
  oc-pushy-pedant!
  opscode-pushy-client!
  zmq (~> 2.1.4)
