GEM
  remote: http://rubygems.org/
  specs:
    diff-lcs (1.1.3)
    highline (1.6.13)
    macaddr (1.6.1)
      systemu (~> 2.5.0)
    mysql2 (0.3.11)
    pg (0.14.0)
    rake (0.9.2.2)
    rspec (2.10.0)
      rspec-core (~> 2.10.0)
      rspec-expectations (~> 2.10.0)
      rspec-mocks (~> 2.10.0)
    rspec-core (2.10.1)
    rspec-expectations (2.10.0)
      diff-lcs (~> 1.1.3)
    rspec-mocks (2.10.1)
    sequel (3.34.1)
    systemu (2.5.1)
    uuid (2.3.5)
      macaddr (~> 1.0)

PLATFORMS
  ruby

DEPENDENCIES
  highline
  mysql2
  pg
  rake
  rspec
  sequel (~> 3.34.1)
  uuid
